PATH
  remote: .
  specs:
    guava-rb (09)

GEM
  remote: http://rubygems.org/
  specs:

PLATFORMS
  java

DEPENDENCIES
  guava-rb!
